PATH
  remote: .
  specs:
    rottentomatoes (1.1.0)
      deepopenstruct (>= 0.1.2)
      json

GEM
  remote: http://rubygems.org/
  specs:
    addressable (2.2.4)
    crack (0.1.8)
    deepopenstruct (0.1.2)
    diff-lcs (1.2.5)
    json (1.7.7)
    rspec (2.14.1)
      rspec-core (~> 2.14.0)
      rspec-expectations (~> 2.14.0)
      rspec-mocks (~> 2.14.0)
    rspec-core (2.14.7)
    rspec-expectations (2.14.4)
      diff-lcs (>= 1.1.3, < 2.0)
    rspec-mocks (2.14.4)
    webmock (1.6.2)
      addressable (>= 2.2.2)
      crack (>= 0.1.7)

PLATFORMS
  ruby

DEPENDENCIES
  bundler (>= 1.0.0)
  rottentomatoes!
  rspec (~> 2.14.1)
  webmock (>= 1.6.2)
